RESTRICTION: == net45
NUGET
  remote: https://www.nuget.org/api/v2
    FAKE (4.64.17)
    FSharp.Core (4.7) - redirects: force
    FSharp.Management (0.4.5)
    FsUnit (1.3.0.1)
      NUnit (>= 2.6.3)
    IKVM (8.1.5717)
    Mono.Cecil (0.11.3)
    NuGet.CommandLine (5.3)
    NUnit (2.6.3)
    NUnit.Runners (2.6.3)
HTTP
  remote: https://www.frijters.net
    ikvmbin-8.1.5717.0.zip (/ikvmbin-8.1.5717.0.zip)
  remote: https://archive.apache.org
    apache-opennlp-1.9.1-bin.zip (/dist/opennlp/opennlp-1.9.1/apache-opennlp-1.9.1-bin.zip)
  remote: http://opennlp.sourceforge.net
    en-chunker.bin (/models-1.5/en-chunker.bin)
    en-ner-date.bin (/models-1.5/en-ner-date.bin)
    en-ner-location.bin (/models-1.5/en-ner-location.bin)
    en-ner-money.bin (/models-1.5/en-ner-money.bin)
    en-ner-organization.bin (/models-1.5/en-ner-organization.bin)
    en-ner-percentage.bin (/models-1.5/en-ner-percentage.bin)
    en-ner-person.bin (/models-1.5/en-ner-person.bin)
    en-ner-time.bin (/models-1.5/en-ner-time.bin)
    en-parser-chunking.bin (/models-1.5/en-parser-chunking.bin)
    en-pos-maxent.bin (/models-1.5/en-pos-maxent.bin)
    en-pos-perceptron.bin (/models-1.5/en-pos-perceptron.bin)
    en-sent.bin (/models-1.5/en-sent.bin)
    en-token.bin (/models-1.5/en-token.bin)