RESTRICTION: == net461
NUGET
  remote: https://www.nuget.org/api/v2
    IKVM (8.1.5717)
    Microsoft.NETFramework.ReferenceAssemblies (1.0.2)
      Microsoft.NETFramework.ReferenceAssemblies.net461 (>= 1.0.2)
    Microsoft.NETFramework.ReferenceAssemblies.net461 (1.0.2)
    NUnit (3.13.3)
    NUnit.ConsoleRunner (3.15)
HTTP
  remote: https://sergeytihon.files.wordpress.com
    ikvmbin-8.1.5717.0.zip (/2021/11/ikvmbin-8.1.5717.0.zip)
  remote: https://archive.apache.org
    apache-opennlp-1.9.1-bin.zip (/dist/opennlp/opennlp-1.9.1/apache-opennlp-1.9.1-bin.zip)
  remote: http://opennlp.sourceforge.net
    en-chunker.bin (/models-1.5/en-chunker.bin)
    en-ner-date.bin (/models-1.5/en-ner-date.bin)
    en-ner-location.bin (/models-1.5/en-ner-location.bin)
    en-ner-money.bin (/models-1.5/en-ner-money.bin)
    en-ner-organization.bin (/models-1.5/en-ner-organization.bin)
    en-ner-percentage.bin (/models-1.5/en-ner-percentage.bin)
    en-ner-person.bin (/models-1.5/en-ner-person.bin)
    en-ner-time.bin (/models-1.5/en-ner-time.bin)
    en-parser-chunking.bin (/models-1.5/en-parser-chunking.bin)
    en-pos-maxent.bin (/models-1.5/en-pos-maxent.bin)
    en-pos-perceptron.bin (/models-1.5/en-pos-perceptron.bin)
    en-sent.bin (/models-1.5/en-sent.bin)
    en-token.bin (/models-1.5/en-token.bin)